GEM
  remote: http://rubygems.org/
  specs:
    cd (1.0.1)
    clipboard (1.3.6)
    code (0.9.4)
      coderay (~> 1.1)
      method_source (>= 0.9, < 2.0)
    coderay (1.1.3)
    core_docs (0.9.9)
      yard (~> 0.9.11)
    daemons (1.4.1)
    debugging (2.1.0)
      paint (>= 0.9, < 3.0)
    eventmachine (1.2.7)
    every_day_irb (2.2.0)
      cd (~> 1.0)
    fancy_irb (1.4.3)
      paint (>= 0.9, < 3.0)
      unicode-display_width (>= 1.1)
    ffi (1.15.5)
    haml (6.1.1)
      temple (>= 0.8.2)
      thor
      tilt
    haml-contrib (1.0.0.1)
      haml (>= 3.2.0.alpha.13)
    hirb (0.7.3)
    interactive_editor (0.0.12)
      spoon (~> 0.0.6)
    io-console (0.6.0)
    irb (1.6.4)
      reline (>= 0.3.0)
    irbtools (4.0.3)
      clipboard (~> 1.3)
      code (>= 0.9.4, < 2.0)
      coderay (~> 1.1)
      core_docs (~> 0.9.9)
      debugging (~> 2.1)
      every_day_irb (~> 2.2)
      fancy_irb (~> 1.2, >= 1.2.1)
      hirb (~> 0.7, >= 0.7.3)
      interactive_editor (~> 0.0, >= 0.0.12)
      irb (~> 1.6.2)
      looksee (~> 5.0)
      methodfinder (~> 2.2, >= 2.2.5)
      object_shadow (~> 1.1)
      os (~> 1.1, >= 1.1.4)
      paint (>= 0.9, < 3.0)
      ruby_engine (~> 2.0)
      ruby_version (~> 1.0)
      wirb (~> 2.0, >= 2.2.1)
    looksee (5.0.0)
    method_source (1.0.0)
    methodfinder (2.2.5)
    mustermann (3.0.0)
      ruby2_keywords (~> 0.0.1)
    object_shadow (1.1.1)
    os (1.1.4)
    paint (2.3.0)
    rack (2.2.8)
    rack-protection (3.1.0)
      rack (~> 2.2, >= 2.2.4)
    reline (0.3.7)
      io-console (~> 0.5)
    ruby2_keywords (0.0.5)
    ruby_engine (2.0.0)
    ruby_gntp (0.3.4)
    ruby_version (1.0.3)
    sinatra (3.1.0)
      mustermann (~> 3.0)
      rack (~> 2.2, >= 2.2.4)
      rack-protection (= 3.1.0)
      tilt (~> 2.0)
    spoon (0.0.6)
      ffi
    temple (0.10.2)
    terminal-notifier (2.0.0)
    thin (1.8.2)
      daemons (~> 1.0, >= 1.0.9)
      eventmachine (~> 1.0, >= 1.0.4)
      rack (>= 1, < 3)
    thor (1.2.2)
    tilt (2.2.0)
    unicode-display_width (2.4.2)
    wirb (2.2.2)
      paint (>= 0.9, < 3.0)
    yard (0.9.34)

PLATFORMS
  x86_64-darwin-17

DEPENDENCIES
  haml
  haml-contrib
  irbtools
  rack
  ruby_gntp
  sinatra
  terminal-notifier
  thin

BUNDLED WITH
   2.4.10
