GEM
  remote: http://rubygems.org/
  specs:
    alias (0.2.3)
    awesome_print (1.1.0)
    bond (0.4.3)
    boson (1.2.4)
    boson-more (0.2.2)
      boson (>= 1.2.0)
    clipboard (1.0.5)
    coderay (1.0.9)
    daemons (1.1.9)
    eventmachine (1.0.3)
    every_day_irb (1.5.0)
    fancy_irb (0.7.3)
      paint (>= 0.8.1)
      unicode-display_width (>= 0.1.1)
    ffi (1.9.0)
    g (1.7.2)
    haml (4.0.3)
      tilt
    haml-contrib (1.0.0.1)
      haml (>= 3.2.0.alpha.13)
    hirb (0.7.1)
    interactive_editor (0.0.10)
      spoon (>= 0.0.1)
    irbtools (1.5.0)
      alias (~> 0.2.3)
      awesome_print (~> 1.1.0)
      boson (~> 1.2.4)
      boson-more (~> 0.2.2)
      clipboard (~> 1.0.5)
      coderay (~> 1.0.9)
      every_day_irb (>= 1.5.0)
      fancy_irb (>= 0.7.3)
      g (>= 1.7.2)
      hirb (~> 0.7.1)
      interactive_editor (>= 0.0.10)
      method_locator (>= 0.0.4)
      method_source (>= 0.8.1)
      methodfinder (>= 1.2.5)
      ori (~> 0.1.0)
      paint (>= 0.8.6)
      wirb (>= 1.0.1)
      zucker (>= 13.1)
    irbtools-more (1.5.0)
      bond (~> 0.4.3)
      irbtools (~> 1.5.0)
      looksee (~> 1.1.0)
    looksee (1.1.0)
    method_locator (0.0.4)
    method_source (0.8.1)
    methodfinder (1.2.5)
    ori (0.1.0)
    paint (0.8.6)
    rack (1.5.2)
    rack-protection (1.5.0)
      rack
    sinatra (1.4.3)
      rack (~> 1.4)
      rack-protection (~> 1.4)
      tilt (~> 1.3, >= 1.3.4)
    spoon (0.0.4)
      ffi
    thin (1.5.1)
      daemons (>= 1.0.9)
      eventmachine (>= 0.12.6)
      rack (>= 1.0.0)
    tilt (1.4.1)
    unicode-display_width (0.1.1)
    wirb (1.0.1)
      paint
    zucker (13.1)

PLATFORMS
  ruby

DEPENDENCIES
  haml
  haml-contrib
  irbtools
  irbtools-more
  rack
  sinatra
  thin
